GIT
  remote: https://github.com/haml/haml.git
  revision: c32fa3c3356d3f4c1df73518910f46ea5f5d9fda
  branch: master
  specs:
    haml (5.0.4)
      temple (>= 0.8.0)
      tilt

GEM
  remote: https://rubygems.org/
  remote: https://rails-assets.org/
  specs:
    actionmailer (4.2.10)
      actionpack (= 4.2.10)
      actionview (= 4.2.10)
      activejob (= 4.2.10)
      mail (~> 2.5, >= 2.5.4)
      rails-dom-testing (~> 1.0, >= 1.0.5)
    actionpack (4.2.10)
      actionview (= 4.2.10)
      activesupport (= 4.2.10)
      rack (~> 1.6)
      rack-test (~> 0.6.2)
      rails-dom-testing (~> 1.0, >= 1.0.5)
      rails-html-sanitizer (~> 1.0, >= 1.0.2)
    actionview (4.2.10)
      activesupport (= 4.2.10)
      builder (~> 3.1)
      erubis (~> 2.7.0)
      rails-dom-testing (~> 1.0, >= 1.0.5)
      rails-html-sanitizer (~> 1.0, >= 1.0.3)
    activejob (4.2.10)
      activesupport (= 4.2.10)
      globalid (>= 0.3.0)
    activemodel (4.2.10)
      activesupport (= 4.2.10)
      builder (~> 3.1)
    activerecord (4.2.10)
      activemodel (= 4.2.10)
      activesupport (= 4.2.10)
      arel (~> 6.0)
    activesupport (4.2.10)
      i18n (~> 0.7)
      minitest (~> 5.1)
      thread_safe (~> 0.3, >= 0.3.4)
      tzinfo (~> 1.1)
    addressable (2.5.2)
      public_suffix (>= 2.0.2, < 4.0)
    annotate (2.6.10)
      activerecord (>= 3.2, <= 4.3)
      rake (~> 10.4)
    arel (6.0.4)
    ast (2.4.0)
    autoprefixer-rails (8.4.1)
      execjs
    awesome_print (1.8.0)
    axiom-types (0.1.1)
      descendants_tracker (~> 0.0.4)
      ice_nine (~> 0.11.0)
      thread_safe (~> 0.3, >= 0.3.1)
    bcrypt (3.1.11)
    better_errors (2.4.0)
      coderay (>= 1.0.0)
      erubi (>= 1.0.0)
      rack (>= 0.9.0)
    binding_of_caller (0.8.0)
      debug_inspector (>= 0.0.1)
    bootstrap (4.0.0.beta3)
      autoprefixer-rails (>= 6.0.3)
      popper_js (>= 1.12.3, < 2)
      sass (>= 3.5.2)
    builder (3.2.3)
    callsite (0.0.11)
    cancancan (2.2.0)
    capistrano (3.2.1)
      i18n
      rake (>= 10.0.0)
      sshkit (~> 1.3)
    capistrano-bundler (1.3.0)
      capistrano (~> 3.1)
      sshkit (~> 1.2)
    capistrano-rails (1.3.1)
      capistrano (~> 3.1)
      capistrano-bundler (~> 1.1)
    capybara (2.4.4)
      mime-types (>= 1.16)
      nokogiri (>= 1.3.3)
      rack (>= 1.0.0)
      rack-test (>= 0.5.4)
      xpath (~> 2.0)
    childprocess (0.9.0)
      ffi (~> 1.0, >= 1.0.11)
    classy_enum (3.5.0)
      activerecord (>= 3.0)
    code_analyzer (0.4.8)
      sexp_processor
    codeclimate-engine-rb (0.4.1)
      virtus (~> 1.0)
    coderay (1.1.2)
    coercible (1.0.0)
      descendants_tracker (~> 0.0.1)
    coffee-rails (4.1.1)
      coffee-script (>= 2.2.0)
      railties (>= 4.0.0, < 5.1.x)
    coffee-script (2.4.1)
      coffee-script-source
      execjs
    coffee-script-source (1.12.2)
    concurrent-ruby (1.0.5)
    crass (1.0.4)
    daemons (1.2.6)
    database_cleaner (1.3.0)
    debug_inspector (0.0.3)
    descendants_tracker (0.0.4)
      thread_safe (~> 0.3, >= 0.3.1)
    devise (4.2.1)
      bcrypt (~> 3.0)
      orm_adapter (~> 0.1)
      railties (>= 4.1.0, < 5.1)
      responders
      warden (~> 1.2.3)
    diff-lcs (1.3)
    docile (1.3.0)
    equalizer (0.0.11)
    erubi (1.7.1)
    erubis (2.7.0)
    eventmachine (1.0.9.1)
    execjs (2.7.0)
    factory_bot (4.8.2)
      activesupport (>= 3.0.0)
    factory_bot_rails (4.8.2)
      factory_bot (~> 4.8.2)
      railties (>= 3.0.0)
    faker (1.4.3)
      i18n (~> 0.5)
    ffi (1.9.23)
    figaro (1.1.1)
      thor (~> 0.14)
    font-awesome-rails (4.7.0.4)
      railties (>= 3.2, < 6.0)
    globalid (0.4.1)
      activesupport (>= 4.2.0)
    haml-lint (0.999.999)
      haml_lint
    haml-rails (1.0.0)
      actionpack (>= 4.0.1)
      activesupport (>= 4.0.1)
      haml (>= 4.0.6, < 6.0)
      html2haml (>= 1.0.1)
      railties (>= 4.0.1)
    haml_lint (0.27.0)
      haml (>= 4.0, < 5.1)
      rainbow
      rake (>= 10, < 13)
      rubocop (>= 0.50.0)
      sysexits (~> 1.1)
    html2haml (2.2.0)
      erubis (~> 2.7.0)
      haml (>= 4.0, < 6)
      nokogiri (>= 1.6.0)
      ruby_parser (~> 3.5)
    i18n (0.9.5)
      concurrent-ruby (~> 1.0)
    ice_nine (0.11.2)
    jbuilder (2.7.0)
      activesupport (>= 4.2.0)
      multi_json (>= 1.2)
    jquery-rails (4.3.3)
      rails-dom-testing (>= 1, < 3)
      railties (>= 4.2.0)
      thor (>= 0.14, < 2.0)
    jquery-turbolinks (2.1.0)
      railties (>= 3.1.0)
      turbolinks
    jquery-ui-rails (6.0.1)
      railties (>= 3.2.16)
    json (2.1.0)
    launchy (2.4.3)
      addressable (~> 2.3)
    libv8 (3.16.14.19)
    loofah (2.2.2)
      crass (~> 1.0.2)
      nokogiri (>= 1.5.9)
    mail (2.7.0)
      mini_mime (>= 0.1.1)
    mailcatcher (0.6.5)
      eventmachine (= 1.0.9.1)
      mail (~> 2.3)
      rack (~> 1.5)
      sinatra (~> 1.2)
      skinny (~> 0.2.3)
      sqlite3 (~> 1.3)
      thin (~> 1.5.0)
    meta_request (0.6.0)
      callsite (~> 0.0, >= 0.0.11)
      rack-contrib (>= 1.1, < 3)
      railties (>= 3.0.0, < 6)
    method_source (0.9.0)
    mime-types (3.1)
      mime-types-data (~> 3.2015)
    mime-types-data (3.2016.0521)
    mini_mime (1.0.0)
    mini_portile2 (2.3.0)
    minitest (5.11.3)
    multi_json (1.13.1)
    mysql2 (0.3.21)
    net-scp (1.2.1)
      net-ssh (>= 2.6.5)
    net-ssh (4.2.0)
    nokogiri (1.8.2)
      mini_portile2 (~> 2.3.0)
    orm_adapter (0.5.0)
    parallel (1.12.1)
    parser (2.5.1.0)
      ast (~> 2.4.0)
    popper_js (1.12.9)
    powerpack (0.1.1)
    pry (0.11.3)
      coderay (~> 1.1.0)
      method_source (~> 0.9.0)
    public_suffix (3.0.2)
    quiet_assets (1.1.0)
      railties (>= 3.1, < 5.0)
    rack (1.6.10)
    rack-contrib (1.8.0)
      rack (~> 1.4)
    rack-protection (2.0.1)
      rack
    rack-test (0.6.3)
      rack (>= 1.0)
    rails (4.2.10)
      actionmailer (= 4.2.10)
      actionpack (= 4.2.10)
      actionview (= 4.2.10)
      activejob (= 4.2.10)
      activemodel (= 4.2.10)
      activerecord (= 4.2.10)
      activesupport (= 4.2.10)
      bundler (>= 1.3.0, < 2.0)
      railties (= 4.2.10)
      sprockets-rails
    rails-assets-footable (2.0.3)
      rails-assets-jquery (>= 1.4.4)
    rails-assets-jquery (3.3.1)
    rails-deprecated_sanitizer (1.0.3)
      activesupport (>= 4.2.0.alpha)
    rails-dom-testing (1.0.9)
      activesupport (>= 4.2.0, < 5.0)
      nokogiri (~> 1.6)
      rails-deprecated_sanitizer (>= 1.0.1)
    rails-html-sanitizer (1.0.4)
      loofah (~> 2.2, >= 2.2.2)
    rails_best_practices (1.19.1)
      activesupport
      code_analyzer (>= 0.4.8)
      erubis
      i18n
      json
      require_all (~> 1.5.0)
      ruby-progressbar
    railties (4.2.10)
      actionpack (= 4.2.10)
      activesupport (= 4.2.10)
      rake (>= 0.8.7)
      thor (>= 0.18.1, < 2.0)
    rainbow (3.0.0)
    rake (10.5.0)
    rb-fsevent (0.10.3)
    rb-inotify (0.9.10)
      ffi (>= 0.5.0, < 2)
    rdoc (6.0.3)
    reek (4.8.1)
      codeclimate-engine-rb (~> 0.4.0)
      parser (>= 2.5.0.0, < 2.6)
      rainbow (>= 2.0, < 4.0)
    ref (2.0.0)
    require_all (1.5.0)
    responders (2.4.0)
      actionpack (>= 4.2.0, < 5.3)
      railties (>= 4.2.0, < 5.3)
    rspec-core (3.7.1)
      rspec-support (~> 3.7.0)
    rspec-expectations (3.7.0)
      diff-lcs (>= 1.2.0, < 2.0)
      rspec-support (~> 3.7.0)
    rspec-mocks (3.7.0)
      diff-lcs (>= 1.2.0, < 2.0)
      rspec-support (~> 3.7.0)
    rspec-rails (3.7.2)
      actionpack (>= 3.0)
      activesupport (>= 3.0)
      railties (>= 3.0)
      rspec-core (~> 3.7.0)
      rspec-expectations (~> 3.7.0)
      rspec-mocks (~> 3.7.0)
      rspec-support (~> 3.7.0)
    rspec-support (3.7.1)
    rubocop (0.55.0)
      parallel (~> 1.10)
      parser (>= 2.5)
      powerpack (~> 0.1)
      rainbow (>= 2.2.2, < 4.0)
      ruby-progressbar (~> 1.7)
      unicode-display_width (~> 1.0, >= 1.0.1)
    rubocop-rspec (1.25.1)
      rubocop (>= 0.53.0)
    ruby-progressbar (1.9.0)
    ruby_parser (3.11.0)
      sexp_processor (~> 4.9)
    rubyzip (1.2.1)
    sass (3.5.6)
      sass-listen (~> 4.0.0)
    sass-listen (4.0.0)
      rb-fsevent (~> 0.9, >= 0.9.4)
      rb-inotify (~> 0.9, >= 0.9.7)
    sass-rails (5.0.7)
      railties (>= 4.0.0, < 6)
      sass (~> 3.1)
      sprockets (>= 2.8, < 4.0)
      sprockets-rails (>= 2.0, < 4.0)
      tilt (>= 1.1, < 3)
    sdoc (1.0.0)
      rdoc (>= 5.0)
    selenium-webdriver (2.43.0)
      childprocess (~> 0.5)
      multi_json (~> 1.0)
      rubyzip (~> 1.0)
      websocket (~> 1.0)
    sexp_processor (4.11.0)
    simplecov (0.16.1)
      docile (~> 1.1)
      json (>= 1.8, < 3)
      simplecov-html (~> 0.10.0)
    simplecov-html (0.10.2)
    sinatra (1.2.8)
      rack (~> 1.1)
      tilt (>= 1.2.2, < 2.0)
    skinny (0.2.4)
      eventmachine (~> 1.0.0)
      thin (>= 1.5, < 1.7)
    spring (2.0.2)
      activesupport (>= 4.2)
    sprockets (3.7.1)
      concurrent-ruby (~> 1.0)
      rack (> 1, < 3)
    sprockets-rails (3.2.1)
      actionpack (>= 4.0)
      activesupport (>= 4.0)
      sprockets (>= 3.0.0)
    sqlite3 (1.3.13)
    sshkit (1.16.0)
      net-scp (>= 1.1.2)
      net-ssh (>= 2.8.0)
    sysexits (1.2.0)
    temple (0.8.0)
    therubyracer (0.12.3)
      libv8 (~> 3.16.14.15)
      ref
    thin (1.5.1)
      daemons (>= 1.0.9)
      eventmachine (>= 0.12.6)
      rack (>= 1.0.0)
    thor (0.20.0)
    thread_safe (0.3.6)
    tilt (1.4.1)
    turbolinks (5.1.1)
      turbolinks-source (~> 5.1)
    turbolinks-source (5.1.0)
    tzinfo (1.2.5)
      thread_safe (~> 0.1)
    uglifier (4.1.10)
      execjs (>= 0.3.0, < 3)
    unicode-display_width (1.3.2)
    virtus (1.0.5)
      axiom-types (~> 0.1)
      coercible (~> 1.0)
      descendants_tracker (~> 0.0, >= 0.0.3)
      equalizer (~> 0.0, >= 0.0.9)
    warden (1.2.7)
      rack (>= 1.0)
    web-console (2.3.0)
      activemodel (>= 4.0)
      binding_of_caller (>= 0.7.2)
      railties (>= 4.0)
      sprockets-rails (>= 2.0, < 4.0)
    websocket (1.2.5)
    xpath (2.1.0)
      nokogiri (~> 1.3)

PLATFORMS
  ruby

DEPENDENCIES
  annotate (~> 2.6.5)!
  awesome_print!
  better_errors!
  binding_of_caller!
  bootstrap (= 4.0.0.beta3)!
  cancancan!
  capistrano (~> 3.2.0)!
  capistrano-bundler (~> 1.1)!
  capistrano-rails (~> 1.1)!
  capybara (~> 2.4.3)!
  classy_enum (~> 3.4)!
  coffee-rails (~> 4.1.0)!
  database_cleaner (~> 1.3.0)!
  devise (= 4.2.1)!
  factory_bot_rails!
  faker (~> 1.4.3)!
  figaro!
  font-awesome-rails!
  haml!
  haml-lint!
  haml-rails!
  jbuilder (~> 2.0)!
  jquery-rails!
  jquery-turbolinks!
  jquery-ui-rails!
  launchy (~> 2.4.2)!
  mailcatcher!
  meta_request!
  mysql2 (= 0.3.21)!
  pry!
  quiet_assets!
  rack-protection (~> 2.0.0)!
  rails (= 4.2.10)!
  rails-assets-footable (= 2.0.3)!
  rails_best_practices!
  reek (~> 4)!
  rspec-rails (~> 3.4)!
  rubocop!
  rubocop-rspec!
  sass-rails (~> 5.0)!
  sdoc!
  selenium-webdriver (~> 2.43.0)!
  simplecov!
  spring!
  therubyracer!
  turbolinks!
  uglifier (>= 1.3.0)!
  web-console (~> 2.0)!

BUNDLED WITH
   1.16.1
